GEM
  remote: https://rubygems.org/
  specs:
    ansi (1.5.0)
    builder (3.2.3)
    humanize (2.2.1)
    metaclass (0.0.4)
    minitest (5.12.2)
    minitest-fail-fast (0.1.0)
      minitest (~> 5)
    minitest-reporters (1.4.1)
      ansi
      builder
      minitest (>= 5.0)
      ruby-progressbar
    mocha (1.9.0)
      metaclass (~> 0.0.1)
    ruby-progressbar (1.10.1)
    win32console (1.3.2)

PLATFORMS
  x64-mingw32

DEPENDENCIES
  humanize
  minitest
  minitest-fail-fast
  minitest-reporters
  mocha
  win32console

BUNDLED WITH
   1.17.2
